PATH
  remote: .
  specs:
    tmp (1.2.1)
      empty_object

GEM
  remote: http://rubygems.org/
  specs:
    empty_object (1.0.0)
    rake (10.2.2)

PLATFORMS
  ruby

DEPENDENCIES
  bundler
  rake
  tmp!
