PATH
  remote: .
  specs:
    tmp (3.0.0)

GEM
  remote: http://rubygems.org/
  specs:
    rake (10.2.2)

PLATFORMS
  ruby

DEPENDENCIES
  bundler
  rake
  tmp!
